GEM
  remote: https://rubygems.org/
  specs:
    chunky_png (1.2.8)
    compass (0.12.2)
      chunky_png (~> 1.2)
      fssm (>= 0.2.7)
      sass (~> 3.1)
    compass-960-plugin (0.10.4)
      compass (>= 0.10.0)
    compass_twitter_bootstrap (2.3.1)
      compass
    dotenv (0.8.0)
    foreman (0.63.0)
      dotenv (>= 0.7)
      thor (>= 0.13.6)
    fssm (0.2.10)
    sass (3.2.10)
    sassy-buttons (0.2)
    thor (0.18.1)

PLATFORMS
  ruby

DEPENDENCIES
  compass
  compass-960-plugin
  compass_twitter_bootstrap
  foreman
  sassy-buttons
