GEM
  remote: https://rubygems.org/
  specs:
    animate (0.2.beta.0)
      compass (>= 0.13.alpha.0)
      sass (>= 3.2.0)
    breakpoint (2.5.0)
      sass (~> 3.3)
      sassy-maps (< 1.0.0)
    breakpoint-slicer (1.3.6)
      breakpoint (>= 2.0.1)
      compass (>= 0.12.2)
      sass (>= 3.2.1)
    chunky_png (1.3.3)
    compass (1.1.0.alpha.3)
      chunky_png (~> 1.2)
      compass-core (~> 1.1.0.alpha.3)
      compass-import-once (~> 1.0.5)
      rb-fsevent (>= 0.9.3)
      rb-inotify (>= 0.9)
      sass (>= 3.3.13, < 3.5)
    compass-core (1.1.0.alpha.3)
      multi_json (~> 1.0)
      sass (>= 3.3.0, < 3.5)
    compass-import-once (1.0.5)
      sass (>= 3.2, < 3.5)
    dotenv (1.0.2)
    ffi (1.9.6)
    foreman (0.77.0)
      dotenv (~> 1.0.2)
      thor (~> 0.19.1)
    multi_json (1.10.1)
    oily_png (1.1.2)
      chunky_png (~> 1.3.1)
    rb-fsevent (0.9.4)
    rb-inotify (0.9.5)
      ffi (>= 0.5.0)
    sass (3.4.11)
    sassy-buttons (0.2.6)
      compass (>= 0.12.2)
    sassy-maps (0.4.0)
      sass (~> 3.3)
    thor (0.19.1)

PLATFORMS
  ruby

DEPENDENCIES
  animate (>= 0.2.beta.0)
  breakpoint-slicer
  compass
  foreman
  oily_png
  sassy-buttons
